GEM
  remote: http://rubygems.org/
  remote: http://gems.github.com/
  specs:
    caricature (0.7.7)
      uuidtools (>= 2.0.0)
    diff-lcs (1.1.2)
    rack (1.3.0)
    rake (0.9.2)
    rspec (2.6.0)
      rspec-core (~> 2.6.0)
      rspec-expectations (~> 2.6.0)
      rspec-mocks (~> 2.6.0)
    rspec-core (2.6.4)
    rspec-expectations (2.6.0)
      diff-lcs (~> 1.1.2)
    rspec-mocks (2.6.0)
    sinatra (1.2.6)
      rack (~> 1.1)
      tilt (>= 1.2.2, < 2.0)
    tilt (1.3.2)
    uuidtools (2.1.2)

PLATFORMS
  ruby
  x86-mingw32

DEPENDENCIES
  caricature
  rake
  rspec
  sinatra
